GEM
  remote: http://rubygems.org/
  specs:
    hpricot (0.8.6)
    rack (1.4.1)
    rack-pjax (0.5.7)
      hpricot (~> 0.8.6)
      rack (~> 1.3)
    rake (0.8.7)
    shotgun (0.8)
      rack (>= 1.0)
    sinatra (1.0)
      rack (>= 1.0)

PLATFORMS
  ruby

DEPENDENCIES
  rack-pjax
  rake
  shotgun (= 0.8)
  sinatra (= 1.0)
